PATH
  remote: .
  specs:
    sixarm_ruby_vital (1.0.4)
      sixarm_ruby_ramp (>= 4.2.2, < 5)

GEM
  remote: https://rubygems.org/
  specs:
    docile (1.4.0)
    minitest (5.18.0)
    rake (12.3.3)
    simplecov (0.22.0)
      docile (~> 1.1)
      simplecov-html (~> 0.11)
      simplecov_json_formatter (~> 0.1)
    simplecov-html (0.12.3)
    simplecov_json_formatter (0.1.4)
    sixarm_ruby_minitest_extensions (1.1.1)
    sixarm_ruby_ramp (4.2.7)
      sixarm_ruby_rexml (~> 2.1, >= 2.1.0)
      sixarm_ruby_xml_load (~> 2.1, >= 2.1.0)
      sixarm_ruby_xml_strip (~> 2.1, >= 2.1.0)
    sixarm_ruby_rexml (2.1.2)
    sixarm_ruby_xml_load (2.1.2)
      sixarm_ruby_rexml (>= 2.1.0, < 3)
    sixarm_ruby_xml_strip (2.1.2)
      sixarm_ruby_rexml (>= 2.1.0, < 3)

PLATFORMS
  arm64-darwin-22

DEPENDENCIES
  minitest (>= 5.12, < 6)
  rake (>= 12.3.3, < 13)
  simplecov (>= 0.18.0, < 2)
  sixarm_ruby_minitest_extensions (>= 1.0.8, < 2)
  sixarm_ruby_vital!

BUNDLED WITH
   2.3.26
